GIT
  remote: https://github.com/tcmcgee/TicTacToeRuby
  revision: d8ac53b6d1648ecf7498a43baa6a7d0e40597af9
  branch: newgrid
  specs:
    tic_tac_toe (0.1.0)

GEM
  remote: https://rubygems.org/
  specs:
    diff-lcs (1.2.5)
    rspec (3.0.0)
      rspec-core (~> 3.0.0)
      rspec-expectations (~> 3.0.0)
      rspec-mocks (~> 3.0.0)
    rspec-core (3.0.3)
      rspec-support (~> 3.0.0)
    rspec-expectations (3.0.3)
      diff-lcs (>= 1.2.0, < 2.0)
      rspec-support (~> 3.0.0)
    rspec-mocks (3.0.3)
      rspec-support (~> 3.0.0)
    rspec-support (3.0.3)

PLATFORMS
  x86-mingw32

DEPENDENCIES
  rspec
  tic_tac_toe!
