GIT
  remote: https://github.com/tcmcgee/TicTacToeRuby
  revision: 40ea54cb8703f81aa37adac219c3263393666a2d
  branch: newgrid
  specs:
    tic_tac_toe (0.1.0)

GEM
  specs:

PLATFORMS
  ruby
  x86-mingw32

DEPENDENCIES
  tic_tac_toe!
